GEM
  remote: http://rubygems.org/
  specs:
    actionmailer (2.1.1)
      actionpack (= 2.1.1)
    actionpack (2.1.1)
      activesupport (= 2.1.1)
    activerecord (2.1.1)
      activesupport (= 2.1.1)
    activeresource (2.1.1)
      activesupport (= 2.1.1)
    activesupport (2.1.1)
    git (1.2.5)
    jeweler (1.6.4)
      bundler (~> 1.0)
      git (>= 1.2.5)
      rake
    rails (2.1.1)
      actionmailer (= 2.1.1)
      actionpack (= 2.1.1)
      activerecord (= 2.1.1)
      activeresource (= 2.1.1)
      activesupport (= 2.1.1)
      rake (>= 0.8.1)
    rake (0.9.2)
    rcov (0.9.10)
    shoulda (2.11.3)

PLATFORMS
  ruby

DEPENDENCIES
  bundler (~> 1.0.0)
  jeweler (~> 1.6.4)
  rails (= 2.1.1)
  rcov
  shoulda
